GEM
  remote: https://rubygems.org/
  specs:
    base64 (0.2.0)
    bigdecimal (3.1.9)
    esa (3.1.0)
      base64 (>= 0.2)
      faraday (>= 2.0.1, < 3.0)
      faraday-multipart
      faraday-xml
      mime-types (>= 2.6, < 4.0)
      multi_xml (>= 0.5.5, < 1.0)
    faraday (2.13.1)
      faraday-net_http (>= 2.0, < 3.5)
      json
      logger
    faraday-multipart (1.1.0)
      multipart-post (~> 2.0)
    faraday-net_http (3.4.0)
      net-http (>= 0.5.0)
    faraday-xml (0.2.1)
      faraday (>= 1.10, < 3)
    json (2.12.0)
    logger (1.7.0)
    mime-types (3.7.0)
      logger
      mime-types-data (~> 3.2025, >= 3.2025.0507)
    mime-types-data (3.2025.0514)
    multi_xml (0.7.2)
      bigdecimal (~> 3.1)
    multipart-post (2.4.1)
    net-http (0.6.0)
      uri
    uri (1.0.3)

PLATFORMS
  ruby
  x86_64-linux

DEPENDENCIES
  esa (~> 3.1)

BUNDLED WITH
   2.6.8
